PATH
  remote: .
  specs:
    rebi (0.2.2)
      activesupport (~> 5.0)
      aws-sdk (~> 2.10)
      colorize (~> 0.8)
      commander (~> 4.4)
      dotenv (~> 2.1)
      rubyzip (~> 1.2)
      subprocess (~> 1.3)

GEM
  remote: https://rubygems.org/
  specs:
    activesupport (5.1.4)
      concurrent-ruby (~> 1.0, >= 1.0.2)
      i18n (~> 0.7)
      minitest (~> 5.1)
      tzinfo (~> 1.1)
    aws-sdk (2.10.99)
      aws-sdk-resources (= 2.10.99)
    aws-sdk-core (2.10.99)
      aws-sigv4 (~> 1.0)
      jmespath (~> 1.0)
    aws-sdk-resources (2.10.99)
      aws-sdk-core (= 2.10.99)
    aws-sigv4 (1.0.2)
    colorize (0.8.1)
    commander (4.4.3)
      highline (~> 1.7.2)
    concurrent-ruby (1.0.5)
    dotenv (2.2.1)
    highline (1.7.10)
    i18n (0.9.1)
      concurrent-ruby (~> 1.0)
    jmespath (1.3.1)
    minitest (5.10.3)
    rubyzip (1.2.1)
    subprocess (1.3.2)
    thread_safe (0.3.6)
    tzinfo (1.2.4)
      thread_safe (~> 0.1)

PLATFORMS
  ruby

DEPENDENCIES
  rebi!

BUNDLED WITH
   1.16.0
