PATH
  remote: .
  specs:
    rebi (0.3.2)
      activesupport (~> 5.0)
      aws-sdk-ec2 (~> 1.0)
      aws-sdk-elasticbeanstalk (~> 1.0)
      aws-sdk-iam (~> 1.0)
      aws-sdk-s3 (~> 1.0)
      colorize (~> 0.8)
      commander (~> 4.4)
      dotenv (~> 2.1)
      pathspec (~> 0.2)
      rubyzip (~> 1.2)
      subprocess (~> 1.3)

GEM
  remote: https://rubygems.org/
  specs:
    activesupport (5.1.4)
      concurrent-ruby (~> 1.0, >= 1.0.2)
      i18n (~> 0.7)
      minitest (~> 5.1)
      tzinfo (~> 1.1)
    aws-partitions (1.56.0)
    aws-sdk-core (3.14.0)
      aws-partitions (~> 1.0)
      aws-sigv4 (~> 1.0)
      jmespath (~> 1.0)
    aws-sdk-ec2 (1.25.0)
      aws-sdk-core (~> 3)
      aws-sigv4 (~> 1.0)
    aws-sdk-elasticbeanstalk (1.3.0)
      aws-sdk-core (~> 3)
      aws-sigv4 (~> 1.0)
    aws-sdk-iam (1.3.0)
      aws-sdk-core (~> 3)
      aws-sigv4 (~> 1.0)
    aws-sdk-kms (1.4.0)
      aws-sdk-core (~> 3)
      aws-sigv4 (~> 1.0)
    aws-sdk-s3 (1.8.0)
      aws-sdk-core (~> 3)
      aws-sdk-kms (~> 1)
      aws-sigv4 (~> 1.0)
    aws-sigv4 (1.0.2)
    byebug (9.1.0)
    colorize (0.8.1)
    commander (4.4.4)
      highline (~> 1.7.2)
    concurrent-ruby (1.0.5)
    dotenv (2.2.1)
    highline (1.7.10)
    i18n (0.9.1)
      concurrent-ruby (~> 1.0)
    jmespath (1.3.1)
    minitest (5.11.1)
    pathspec (0.2.1)
    rubyzip (1.2.1)
    subprocess (1.3.2)
    thread_safe (0.3.6)
    tzinfo (1.2.4)
      thread_safe (~> 0.1)

PLATFORMS
  ruby

DEPENDENCIES
  byebug (~> 9)
  rebi!

BUNDLED WITH
   1.16.0
